GEM
  remote: https://rubygems.org/
  specs:
    faker (1.6.3)
      i18n (~> 0.5)
    i18n (0.7.0)
    json (1.8.3)
    rdoc (4.2.2)
      json (~> 1.4)

PLATFORMS
  ruby

DEPENDENCIES
  faker (~> 1.6, >= 1.6.3)
  rdoc (~> 4.2, >= 4.2.2)

BUNDLED WITH
   1.10.5
