GEM
  remote: https://rubygems.org/
  specs:
    faker (1.6.3)
      i18n (~> 0.5)
    i18n (0.7.0)
    yard (0.8.7.6)

PLATFORMS
  ruby

DEPENDENCIES
  faker (~> 1.6, >= 1.6.3)
  yard

BUNDLED WITH
   1.11.2
